GEM
  remote: http://rubygems.org/
  specs:
    fastercsv (1.5.4)

PLATFORMS
  ruby

DEPENDENCIES
  fastercsv
